GEM
  remote: https://rubygems.org/
  specs:
    thrift (0.9.3.0)

PLATFORMS
  ruby

DEPENDENCIES
  thrift

BUNDLED WITH
   1.11.2
